GEM
  remote: https://rubygems.org/
  specs:
    addressable (2.5.2)
      public_suffix (>= 2.0.2, < 4.0)
    colorator (1.1.0)
    commonmarker (0.17.5)
      ruby-enum (~> 0.5)
    concurrent-ruby (1.0.5)
    ffi (1.9.18)
    forwardable-extended (2.6.0)
    i18n (0.9.1)
      concurrent-ruby (~> 1.0)
    jekyll (3.6.2)
      addressable (~> 2.4)
      colorator (~> 1.0)
      jekyll-sass-converter (~> 1.0)
      jekyll-watch (~> 1.1)
      kramdown (~> 1.14)
      liquid (~> 4.0)
      mercenary (~> 0.3.3)
      pathutil (~> 0.9)
      rouge (>= 1.7, < 3)
      safe_yaml (~> 1.0)
    jekyll-commonmark (1.1.0)
      commonmarker (~> 0.14)
      jekyll (>= 3.0, < 4.0)
    jekyll-feed (0.9.2)
      jekyll (~> 3.3)
    jekyll-octicons (4.0.7)
      jekyll (~> 3.1)
      octicons
    jekyll-sass-converter (1.5.0)
      sass (~> 3.4)
    jekyll-watch (1.5.0)
      listen (~> 3.0, < 3.1)
    kramdown (1.15.0)
    liquid (4.0.0)
    listen (3.0.8)
      rb-fsevent (~> 0.9, >= 0.9.4)
      rb-inotify (~> 0.9, >= 0.9.7)
    mercenary (0.3.6)
    mini_portile2 (2.3.0)
    minima (2.1.1)
      jekyll (~> 3.3)
    nokogiri (1.8.1)
      mini_portile2 (~> 2.3.0)
    octicons (5.0.5)
      nokogiri (>= 1.6.3.1)
    pathutil (0.16.0)
      forwardable-extended (~> 2.6)
    public_suffix (3.0.0)
    rb-fsevent (0.10.2)
    rb-inotify (0.9.10)
      ffi (>= 0.5.0, < 2)
    rouge (2.2.1)
    ruby-enum (0.7.1)
      i18n
    safe_yaml (1.0.4)
    sass (3.5.3)
      sass-listen (~> 4.0.0)
    sass-listen (4.0.0)
      rb-fsevent (~> 0.9, >= 0.9.4)
      rb-inotify (~> 0.9, >= 0.9.7)

PLATFORMS
  ruby

DEPENDENCIES
  jekyll (~> 3.6.2)
  jekyll-commonmark
  jekyll-feed (~> 0.6)
  jekyll-octicons
  minima (~> 2.0)
  tzinfo-data

BUNDLED WITH
   1.13.6
